GEM
  remote: https://rubygems.org/
  specs:
    equatable (0.5.0)
    et-orbi (1.0.5)
      tzinfo
    highline (1.7.8)
    necromancer (0.4.0)
    pastel (0.7.1)
      equatable (~> 0.5.0)
      tty-color (~> 0.4.0)
    rufus-scheduler (3.4.2)
      et-orbi (~> 1.0)
    terminal-table (1.8.0)
      unicode-display_width (~> 1.1, >= 1.1.1)
    thread_safe (0.3.6)
    tty-color (0.4.2)
    tty-cursor (0.4.0)
    tty-prompt (0.12.0)
      necromancer (~> 0.4.0)
      pastel (~> 0.7.0)
      tty-cursor (~> 0.4.0)
      wisper (~> 1.6.1)
    tzinfo (1.2.3)
      thread_safe (~> 0.1)
    unicode-display_width (1.3.0)
    wisper (1.6.1)

PLATFORMS
  ruby

DEPENDENCIES
  highline
  rufus-scheduler
  terminal-table
  tty-prompt

BUNDLED WITH
   1.15.1
