GEM
  remote: https://rubygems.org/
  specs:
    concurrent-ruby (1.0.5)
    equatable (0.5.0)
    et-orbi (1.0.5)
      tzinfo
    highline (1.7.8)
<<<<<<< HEAD
    mail (2.6.6)
      mime-types (>= 1.16, < 4)
    mime-types (3.1)
      mime-types-data (~> 3.2015)
    mime-types-data (3.2016.0521)
=======
    hitimes (1.2.6)
>>>>>>> d13f235ba3c02a1e64cf015082cc5f48cfd1cdd2
    necromancer (0.4.0)
    os (1.0.0)
    pastel (0.7.1)
      equatable (~> 0.5.0)
      tty-color (~> 0.4.0)
    rufus-scheduler (3.4.2)
      et-orbi (~> 1.0)
    thread_safe (0.3.6)
    timers (4.1.2)
      hitimes
    tty-color (0.4.2)
    tty-cursor (0.5.0)
    tty-prompt (0.13.0)
      necromancer (~> 0.4.0)
      pastel (~> 0.7.0)
      timers (~> 4.1.2)
      tty-cursor (~> 0.5.0)
      wisper (~> 2.0.0)
    tzinfo (1.2.3)
      thread_safe (~> 0.1)
    wisper (2.0.0)

PLATFORMS
  ruby

DEPENDENCIES
  concurrent-ruby
  highline
  mail
  os
  rufus-scheduler
  tty-prompt

BUNDLED WITH
   1.15.3
